GIT
  remote: git://github.com/amatsuda/kaminari.git
  revision: ef4eee1557e1a1036124ef05ea0afdbbcf7bb10e
  specs:
    kaminari (0.14.1)
      actionpack (>= 3.0.0)
      activesupport (>= 3.0.0)

GIT
  remote: git://github.com/mcasimir/kaminari-bootstrap.git
  revision: d28af1aed603ddd4a1e0556532c63ad7a7473edc
  specs:
    kaminari-bootstrap (0.1.3)
      kaminari (>= 0.13.0)
      rails

GIT
  remote: git://github.com/metaskills/less-rails.git
  revision: 6f829b46e45ae31d6916c35d479e5868ded0bd8b
  specs:
    less-rails (2.2.6)
      actionpack (>= 3.1)
      less (~> 2.2.0)

GIT
  remote: git://github.com/rails/activerecord-deprecated_finders.git
  revision: 5937f3e7102f9be461ce2dccaef0e4d14e92cd35
  specs:
    activerecord-deprecated_finders (0.0.3)

GIT
  remote: git://github.com/rails/arel.git
  revision: 80f11e342d00a2177dd8e5684914855b87771c5b
  specs:
    arel (3.0.2.20120819075748)

GIT
  remote: git://github.com/rails/coffee-rails.git
  revision: a30c954554022caca62f7b362ee6f43eba7dc166
  specs:
    coffee-rails (4.0.0.beta)
      coffee-script (>= 2.2.0)
      railties (>= 4.0.0.beta, < 5.0)

GIT
  remote: git://github.com/rails/journey.git
  revision: e64274443f8420df2518cf2206a2c640d9d8e196
  specs:
    journey (2.0.0.20120723141804)

GIT
  remote: git://github.com/rails/rails.git
  revision: d10056087c01baa6d97059ae01834099372fe681
  specs:
    actionmailer (4.0.0.beta1)
      actionpack (= 4.0.0.beta1)
      mail (~> 2.5.3)
    actionpack (4.0.0.beta1)
      activesupport (= 4.0.0.beta1)
      builder (~> 3.1.0)
      erubis (~> 2.7.0)
      rack (~> 1.5.2)
      rack-test (~> 0.6.2)
    activemodel (4.0.0.beta1)
      activesupport (= 4.0.0.beta1)
      builder (~> 3.1.0)
    activerecord (4.0.0.beta1)
      activemodel (= 4.0.0.beta1)
      activerecord-deprecated_finders (~> 0.0.3)
      activesupport (= 4.0.0.beta1)
      arel (~> 3.0.2)
    activesupport (4.0.0.beta1)
      i18n (~> 0.6)
      minitest (~> 4.2)
      multi_json (~> 1.3)
      thread_safe (~> 0.1)
      tzinfo (~> 0.3.33)
    rails (4.0.0.beta1)
      actionmailer (= 4.0.0.beta1)
      actionpack (= 4.0.0.beta1)
      activerecord (= 4.0.0.beta1)
      activesupport (= 4.0.0.beta1)
      bundler (>= 1.2.2, < 2.0)
      railties (= 4.0.0.beta1)
      sprockets-rails (~> 2.0.0.rc3)
    railties (4.0.0.beta1)
      actionpack (= 4.0.0.beta1)
      activesupport (= 4.0.0.beta1)
      rake (>= 0.8.7)
      rdoc (~> 3.4)
      thor (>= 0.17.0, < 2.0)

GIT
  remote: git://github.com/rails/sass-rails.git
  revision: 339529f9f6433047df6358c0439e6641cb74f045
  specs:
    sass-rails (4.0.0.beta)
      railties (>= 4.0.0.beta, < 5.0)
      sass (>= 3.1.10)
      sprockets-rails (~> 2.0.0.rc0)
      tilt (~> 1.3)

GIT
  remote: git://github.com/rails/sprockets-rails.git
  revision: f11538f5bf3fce6a77943cb4faec2d80285ef488
  specs:
    sprockets-rails (2.0.0.rc3)
      actionpack (>= 3.0)
      activesupport (>= 3.0)
      sprockets (~> 2.8)

GIT
  remote: git://github.com/rspec/rspec-core.git
  revision: eb0a45d62cf44435101847f58f064d6dc8dfb96e
  specs:
    rspec-core (2.13.0)

GIT
  remote: git://github.com/rspec/rspec-expectations.git
  revision: ffeb26a35902b5a47a8d3742f82b20503033c1e7
  specs:
    rspec-expectations (2.13.0)
      diff-lcs (>= 1.1.3, < 2.0)

GIT
  remote: git://github.com/rspec/rspec-mocks.git
  revision: e652a0212977fe95a0b6f39a6ae2f5bb722e0ab3
  specs:
    rspec-mocks (2.13.0)

GIT
  remote: git://github.com/rspec/rspec-rails.git
  revision: 5442aa32a81f3fef8779b13fe3cd6a7962e4afd8
  specs:
    rspec-rails (2.13.0)
      actionpack (>= 3.0)
      activesupport (>= 3.0)
      railties (>= 3.0)
      rspec-core (~> 2.13.0)
      rspec-expectations (~> 2.13.0)
      rspec-mocks (~> 2.13.0)

GIT
  remote: git://github.com/rspec/rspec.git
  revision: 3fdda41ff7dc5dbf4b0ea77ceaf11c9828cf2283
  specs:
    rspec (2.13.0)
      rspec-core (~> 2.13.0)
      rspec-expectations (~> 2.13.0)
      rspec-mocks (~> 2.13.0)

GIT
  remote: git://github.com/seyhunak/twitter-bootstrap-rails.git
  revision: 85ad702d75abb2338c3be87ab1a970a3ba9a1ab0
  specs:
    twitter-bootstrap-rails (2.2.4)
      actionpack (>= 3.1)
      execjs
      railties (>= 3.1)

GIT
  remote: git://github.com/sstephenson/sprockets.git
  revision: 37e80b651935ed5388abeacc35bf4c6ffc10bd8f
  specs:
    sprockets (2.8.2)
      hike (~> 1.2)
      multi_json (~> 1.0)
      rack (~> 1.0)
      tilt (~> 1.1, != 1.3.0)

GEM
  remote: http://rubygems.org/
  specs:
    addressable (2.3.3)
    artii (2.0.3)
    atomic (1.0.1)
    bluecloth (2.2.0)
    builder (3.1.4)
    capistrano (2.14.2)
      highline
      net-scp (>= 1.0.0)
      net-sftp (>= 2.0.0)
      net-ssh (>= 2.0.14)
      net-ssh-gateway (>= 1.1.0)
    capistrano_banner (0.0.4)
      capistrano
      term-ansicolor
      thor
    capistrano_colors (0.5.5)
    capybara (2.0.2)
      mime-types (>= 1.16)
      nokogiri (>= 1.3.3)
      rack (>= 1.0.0)
      rack-test (>= 0.5.4)
      selenium-webdriver (~> 2.0)
      xpath (~> 1.0.0)
    childprocess (0.3.8)
      ffi (~> 1.0, >= 1.0.11)
    coderay (1.0.9)
    coffee-script (2.2.0)
      coffee-script-source
      execjs
    coffee-script-source (1.5.0)
    commonjs (0.2.6)
    daemons (1.1.9)
    database_cleaner (0.9.1)
    diff-lcs (1.2.1)
    em-websocket (0.4.0)
      eventmachine (>= 0.12.9)
      http_parser.rb (~> 0.5.3)
    erubis (2.7.0)
    eventmachine (1.0.0)
    execjs (1.4.0)
      multi_json (~> 1.0)
    factory_girl (4.2.0)
      activesupport (>= 3.0.0)
    faraday (0.8.6)
      multipart-post (~> 1.1)
    faraday_middleware (0.9.0)
      faraday (>= 0.7.4, < 0.9)
    ffi (1.4.0)
    guard (1.6.2)
      listen (>= 0.6.0)
      lumberjack (>= 1.0.2)
      pry (>= 0.9.10)
      terminal-table (>= 1.4.3)
      thor (>= 0.14.6)
    guard-livereload (1.1.3)
      em-websocket (>= 0.2.0)
      guard (>= 1.5.0)
      multi_json (~> 1.0)
    hashie (1.2.0)
    highline (1.6.15)
    hike (1.2.1)
    http_parser.rb (0.5.3)
    httpauth (0.2.0)
    i18n (0.6.1)
    jquery-rails (2.2.1)
      railties (>= 3.0, < 5.0)
      thor (>= 0.14, < 2.0)
    json (1.7.7)
    jwt (0.1.5)
      multi_json (>= 1.0)
    kgio (2.8.0)
    launchy (2.2.0)
      addressable (~> 2.3)
    less (2.2.2)
      commonjs (~> 0.2.6)
    libv8 (3.11.8.13)
    listen (0.7.3)
    lumberjack (1.0.2)
    mail (2.5.3)
      i18n (>= 0.4.0)
      mime-types (~> 1.16)
      treetop (~> 1.4.8)
    method_source (0.8.1)
    mime-types (1.21)
    minitest (4.6.1)
    multi_json (1.6.1)
    multipart-post (1.1.5)
    mysql2 (0.3.11)
    net-scp (1.1.0)
      net-ssh (>= 2.6.5)
    net-sftp (2.1.1)
      net-ssh (>= 2.6.5)
    net-ssh (2.6.5)
    net-ssh-gateway (1.2.0)
      net-ssh (>= 2.6.5)
    netrc (0.7.7)
    nokogiri (1.5.6)
    oauth2 (0.8.1)
      faraday (~> 0.8)
      httpauth (~> 0.1)
      jwt (~> 0.1.4)
      multi_json (~> 1.0)
      rack (~> 1.2)
    octokit (1.23.0)
      addressable (~> 2.2)
      faraday (~> 0.8)
      faraday_middleware (~> 0.9)
      hashie (~> 1.2)
      multi_json (~> 1.3)
      netrc (~> 0.7.7)
    omniauth (1.1.3)
      hashie (~> 1.2)
      rack
    omniauth-github (1.1.0)
      omniauth (~> 1.0)
      omniauth-oauth2 (~> 1.1)
    omniauth-oauth2 (1.1.1)
      oauth2 (~> 0.8.0)
      omniauth (~> 1.0)
    polyglot (0.3.3)
    pry (0.9.12)
      coderay (~> 1.0.5)
      method_source (~> 0.8)
      slop (~> 3.4)
    rack (1.5.2)
    rack-livereload (0.3.11)
      rack
    rack-test (0.6.2)
      rack (>= 1.0)
    rails_config (0.3.2)
      activesupport (>= 3.0)
    raindrops (0.10.0)
    rake (10.0.3)
    rb-fsevent (0.9.3)
    rdoc (3.12.2)
      json (~> 1.4)
    ref (1.0.2)
    rubyzip (0.9.9)
    sass (3.2.6)
    selenium-webdriver (2.30.0)
      childprocess (>= 0.2.5)
      multi_json (~> 1.0)
      rubyzip
      websocket (~> 1.0.4)
    simplecov (0.7.1)
      multi_json (~> 1.0)
      simplecov-html (~> 0.7.1)
    simplecov-html (0.7.1)
    slop (3.4.3)
    term-ansicolor (1.0.7)
    terminal-table (1.4.5)
    therubyracer (0.11.3)
      libv8 (~> 3.11.8.12)
      ref
    thin (1.5.0)
      daemons (>= 1.0.9)
      eventmachine (>= 0.12.6)
      rack (>= 1.0.0)
    thor (0.17.0)
    thread_safe (0.1.0)
      atomic
    tilt (1.3.3)
    treetop (1.4.12)
      polyglot
      polyglot (>= 0.3.1)
    triglav-client (0.0.1)
    turbolinks (1.0.0)
      coffee-rails
    tzinfo (0.3.35)
    uglifier (1.3.0)
      execjs (>= 0.3.0)
      multi_json (~> 1.0, >= 1.0.2)
    unicorn (4.6.1)
      kgio (~> 2.6)
      rack
      raindrops (~> 0.7)
    websocket (1.0.7)
    xpath (1.0.0)
      nokogiri (~> 1.3)

PLATFORMS
  ruby

DEPENDENCIES
  activerecord-deprecated_finders!
  arel!
  artii
  bluecloth
  capistrano
  capistrano_banner
  capistrano_colors
  capybara (~> 2.0.0)
  coffee-rails!
  database_cleaner
  factory_girl
  guard
  guard-livereload
  journey!
  jquery-rails
  kaminari!
  kaminari-bootstrap!
  launchy
  less-rails!
  mysql2
  octokit
  omniauth
  omniauth-github
  rack-livereload
  rails!
  rails_config
  rake
  rb-fsevent
  rspec!
  rspec-core!
  rspec-expectations!
  rspec-mocks!
  rspec-rails!
  sass-rails!
  simplecov
  sprockets!
  sprockets-rails!
  therubyracer
  thin
  triglav-client
  turbolinks
  twitter-bootstrap-rails!
  uglifier (>= 1.0.3)
  unicorn
